GEM
  remote: http://rubygems.org/
  specs:
    execjs (1.2.0)
      multi_json (~> 1.0)
    iobuffer (1.0.0)
    libv8 (3.3.10.2)
    multi_json (1.0.3)
    rack (1.3.0)
    rev (0.3.2)
      iobuffer (>= 0.1.3)
    sass (3.1.3)
    sinatra (1.2.6)
      rack (~> 1.1)
      tilt (< 2.0, >= 1.2.2)
    therubyracer (0.9.2)
      libv8 (~> 3.3.10)
    tilt (1.3.2)
    uglifier (1.0.0)
      execjs (>= 0.3.0)
      multi_json (>= 1.0.2)
    watchr (0.7)

PLATFORMS
  ruby

DEPENDENCIES
  rev
  sass
  sinatra
  therubyracer
  uglifier
  watchr
