GEM
  remote: http://rubygems.org/
  specs:
    execjs (1.2.0)
      multi_json (~> 1.0)
    libv8 (3.3.10.2)
    multi_json (1.0.3)
    sass (3.1.3)
    therubyracer (0.9.2)
      libv8 (~> 3.3.10)
    uglifier (1.0.0)
      execjs (>= 0.3.0)
      multi_json (>= 1.0.2)

PLATFORMS
  ruby

DEPENDENCIES
  sass
  therubyracer
  uglifier
